GEM
  remote: http://rubygems.org/
  specs:
    ZenTest (4.10.1)
    diff-lcs (1.1.2)
    gnuplot (2.6.2)
    gruff (0.5.1)
      rmagick
    pkg-config (1.5.5)
    rmagick (5.3.0)
      pkg-config (~> 1.4)
    rspec (2.6.0)
      rspec-core (~> 2.6.0)
      rspec-expectations (~> 2.6.0)
      rspec-mocks (~> 2.6.0)
    rspec-core (2.6.4)
    rspec-expectations (2.6.0)
      diff-lcs (~> 1.1.2)
    rspec-mocks (2.6.0)
    watchr (0.7)

PLATFORMS
  ruby

DEPENDENCIES
  ZenTest
  gnuplot
  gruff
  rmagick
  rspec
  watchr
